NUGET
  remote: https://nuget.org/api/v2
  specs:
    Castle.Core (3.3.3)
    FAKE (3.36.0)
    FSharp.Compiler.Service (1.3.1.0)
    FSharp.Data (2.2.5)
      Zlib.Portable (>= 1.10.0)
    FSharp.Formatting (2.9.10)
      FSharp.Compiler.Service (>= 0.0.87)
      FSharpVSPowerTools.Core (1.8.0)
    FSharpVSPowerTools.Core (1.8.0)
      FSharp.Compiler.Service (>= 0.0.87)
    NuGet.CommandLine (2.8.6)
    Rx-Core (2.2.5)
      Rx-Interfaces (>= 2.2.5)
    Rx-Interfaces (2.2.5)
    Rx-Linq (2.2.5)
      Rx-Core (>= 2.2.5)
      Rx-Interfaces (>= 2.2.5)
    Rx-Main (2.2.5)
      Rx-Core (>= 2.2.5)
      Rx-Interfaces (>= 2.2.5)
      Rx-Linq (>= 2.2.5)
      Rx-PlatformServices (>= 2.2.5)
    Rx-PlatformServices (2.2.5)
      Rx-Core (>= 2.2.5)
      Rx-Interfaces (>= 2.2.5)
    xunit (1.9.2)
    xunit.extensions (1.9.2)
      xunit (1.9.2)
    Zlib.Portable (1.11.0)
