NUGET
  remote: https://nuget.org/api/v2
  specs:
    Castle.Core (3.3.3)
    FAKE (3.13.3)
    FSharp.Compiler.Service (0.0.81)
    FSharp.Data (2.1.1)
      Zlib.Portable (>= 1.10.0)
    FSharp.Formatting (2.5.1)
      FSharp.Compiler.Service (>= 0.0.81)
      Microsoft.AspNet.Razor (2.0.30506)
      RazorEngine (3.3.0)
    Microsoft.AspNet.Razor (2.0.30506)
    NuGet.CommandLine (2.8.3)
    RazorEngine (3.3.0)
      Microsoft.AspNet.Razor (>= 2.0.30506.0)
    Rx-Core (2.2.5)
      Rx-Interfaces (>= 2.2.5)
    Rx-Interfaces (2.2.5)
    Rx-Linq (2.2.5)
      Rx-Core (>= 2.2.5)
      Rx-Interfaces (>= 2.2.5)
    Rx-Main (2.2.5)
      Rx-Core (>= 2.2.5)
      Rx-Interfaces (>= 2.2.5)
      Rx-Linq (>= 2.2.5)
      Rx-PlatformServices (>= 2.2.5)
    Rx-PlatformServices (2.2.5)
      Rx-Core (>= 2.2.5)
      Rx-Interfaces (>= 2.2.5)
    xunit (1.9.2)
    xunit.extensions (1.9.2)
      xunit (1.9.2)
    Zlib.Portable (1.10.0)
